GIT
  remote: git://github.com/Sija/garb.git
  revision: 3dff408078bb2b5652ceeedd186c29dc3c438ac5
  specs:
    garb (0.9.7)
      activesupport (>= 2.2)
      multi_json (>= 1.3)

GIT
  remote: git://github.com/arsac/simple-captcha.git
  revision: 7ffb7a20a00805a5eceeaaf09c84aff3a2247556
  specs:
    simple_captcha (0.1.6)

GEM
  remote: https://rubygems.org/
  specs:
    actionmailer (3.2.19)
      actionpack (= 3.2.19)
      mail (~> 2.5.4)
    actionpack (3.2.19)
      activemodel (= 3.2.19)
      activesupport (= 3.2.19)
      builder (~> 3.0.0)
      erubis (~> 2.7.0)
      journey (~> 1.0.4)
      rack (~> 1.4.5)
      rack-cache (~> 1.2)
      rack-test (~> 0.6.1)
      sprockets (~> 2.2.1)
    activemodel (3.2.19)
      activesupport (= 3.2.19)
      builder (~> 3.0.0)
    activerecord (3.2.19)
      activemodel (= 3.2.19)
      activesupport (= 3.2.19)
      arel (~> 3.0.2)
      tzinfo (~> 0.3.29)
    activeresource (3.2.19)
      activemodel (= 3.2.19)
      activesupport (= 3.2.19)
    activesupport (3.2.19)
      i18n (~> 0.6, >= 0.6.4)
      multi_json (~> 1.0)
    arel (3.0.3)
    atomic (1.1.14)
    awesome_print (1.1.0)
    bcrypt-ruby (3.1.2)
    bootstrap-modal-rails (2.1)
      railties (>= 3.1)
    bootstrap-sass (2.3.1.0)
      sass (~> 3.2)
    bootstrap-wysihtml5-rails (0.3.1.19)
      railties (>= 3.0)
    builder (3.0.4)
    bullet (4.7.1)
      activesupport
      uniform_notifier (>= 1.4.0)
    cancan (1.6.9)
    capistrano (2.15.5)
      highline
      net-scp (>= 1.0.0)
      net-sftp (>= 2.0.0)
      net-ssh (>= 2.0.14)
      net-ssh-gateway (>= 1.1.0)
    carrierwave (0.8.0)
      activemodel (>= 3.2.0)
      activesupport (>= 3.2.0)
    chronic (0.10.0)
    chunky_png (1.2.8)
    client_side_validations (3.2.5)
    client_side_validations-simple_form (2.1.0)
      client_side_validations (~> 3.2.5)
      simple_form (~> 2.1.0)
    coffee-rails (3.2.2)
      coffee-script (>= 2.2.0)
      railties (~> 3.2.0)
    coffee-script (2.2.0)
      coffee-script-source
      execjs
    coffee-script-source (1.4.0)
    compass (0.12.2)
      chunky_png (~> 1.2)
      fssm (>= 0.2.7)
      sass (~> 3.1)
    compass-rails (1.0.3)
      compass (>= 0.12.2, < 0.14)
    countries (0.9.2)
      currencies (>= 0.4.0)
    country_select (1.1.3)
    currencies (0.4.0)
    d3_rails (3.1.4)
      railties (>= 3.1.0)
    daemons (1.1.9)
    devise (3.2.2)
      bcrypt-ruby (~> 3.0)
      orm_adapter (~> 0.1)
      railties (>= 3.2.6, < 5)
      thread_safe (~> 0.1)
      warden (~> 1.2.3)
    erubis (2.7.0)
    eventmachine (1.0.0.rc.4)
    execjs (1.4.0)
      multi_json (~> 1.0)
    faraday (0.8.7)
      multipart-post (~> 1.1)
    font-awesome-sass-rails (3.0.2.2)
      railties (>= 3.1.1)
      sass-rails (>= 3.1.1)
    forecast_io (1.1.0)
      faraday
      hashie
      multi_json
    fssm (0.2.10)
    geocoder (1.1.8)
    gravtastic (3.2.6)
    has_scope (0.5.1)
    hashie (2.0.4)
    highline (1.6.19)
    hike (1.2.3)
    holder_rails (1.7.0)
      railties (>= 3.1.0)
    httpauth (0.2.0)
    i18n (0.6.11)
    journey (1.0.4)
    jquery-cookie-rails (1.3.1)
      jquery-rails (~> 2.0)
      railties (>= 3.2.0, < 5.0)
      thor (~> 0.14)
      version (~> 1.0)
    jquery-fileupload-rails (0.4.1)
      actionpack (>= 3.1)
      railties (>= 3.1)
    jquery-rails (2.2.1)
      railties (>= 3.0, < 5.0)
      thor (>= 0.14, < 2.0)
    jquery-ui-rails (4.0.2)
      jquery-rails
      railties (>= 3.1.0)
    jquery-ui-sass-rails (4.0.2.beta2)
      jquery-rails
      jquery-ui-rails (= 4.0.2)
      railties (>= 3.1.0)
    json (1.8.1)
    jwt (0.1.8)
      multi_json (>= 1.5)
    kaminari (0.15.1)
      actionpack (>= 3.0.0)
      activesupport (>= 3.0.0)
    mail (2.5.4)
      mime-types (~> 1.16)
      treetop (~> 1.4.8)
    mime-types (1.25.1)
    mini_portile (0.5.1)
    modernizr-rails (2.6.2.3)
    multi_json (1.10.1)
    multipart-post (1.2.0)
    mysql2 (0.3.13)
    net-scp (1.1.2)
      net-ssh (>= 2.6.5)
    net-sftp (2.1.2)
      net-ssh (>= 2.6.5)
    net-ssh (2.6.8)
    net-ssh-gateway (1.2.0)
      net-ssh (>= 2.6.5)
    newrelic_rpm (3.6.8.164)
    nokogiri (1.6.0)
      mini_portile (~> 0.5.0)
    oauth2 (0.8.1)
      faraday (~> 0.8)
      httpauth (~> 0.1)
      jwt (~> 0.1.4)
      multi_json (~> 1.0)
      rack (~> 1.2)
    omniauth (1.1.4)
      hashie (>= 1.2, < 3)
      rack
    omniauth-google-oauth2 (0.2.1)
      omniauth (~> 1.0)
      omniauth-oauth2
    omniauth-oauth2 (1.1.1)
      oauth2 (~> 0.8.0)
      omniauth (~> 1.0)
    orm_adapter (0.5.0)
    polyglot (0.3.5)
    public_activity (1.0.3)
      actionpack (~> 3.0)
      activesupport (~> 3.0)
      i18n (>= 0.5.0)
      railties (~> 3.0)
    quiet_assets (1.0.2)
      railties (>= 3.1, < 5.0)
    rabl (0.8.3)
      activesupport (>= 2.3.14)
    rack (1.4.5)
    rack-cache (1.2)
      rack (>= 0.4)
    rack-ssl (1.3.4)
      rack
    rack-test (0.6.2)
      rack (>= 1.0)
    rails (3.2.19)
      actionmailer (= 3.2.19)
      actionpack (= 3.2.19)
      activerecord (= 3.2.19)
      activeresource (= 3.2.19)
      activesupport (= 3.2.19)
      bundler (~> 1.0)
      railties (= 3.2.19)
    rails-timeago (2.2.3)
      actionpack (>= 3.1)
      activesupport (>= 3.1)
    railties (3.2.19)
      actionpack (= 3.2.19)
      activesupport (= 3.2.19)
      rack-ssl (~> 1.3.2)
      rake (>= 0.8.7)
      rdoc (~> 3.4)
      thor (>= 0.14.6, < 2.0)
    rake (10.3.2)
    rdoc (3.12.2)
      json (~> 1.4)
    rmagick (2.13.2)
    rubyzip (0.9.9)
    sass (3.2.5)
    sass-rails (3.2.6)
      railties (~> 3.2.0)
      sass (>= 3.1.10)
      tilt (~> 1.3)
    select2-rails (3.3.1)
      sass-rails (>= 3.2)
      thor (~> 0.14)
    simple_form (2.1.0)
      actionpack (~> 3.0)
      activemodel (~> 3.0)
    sprockets (2.2.2)
      hike (~> 1.2)
      multi_json (~> 1.0)
      rack (~> 1.0)
      tilt (~> 1.1, != 1.3.0)
    sqlite3 (1.3.7)
    thin (1.2.11)
      daemons (>= 1.0.9)
      eventmachine (>= 0.12.6)
      rack (>= 1.0.0)
    thor (0.19.1)
    thread_safe (0.1.3)
      atomic
    tilt (1.4.1)
    timezone (0.2.1)
    treetop (1.4.15)
      polyglot
      polyglot (>= 0.3.1)
    twitter-bootstrap-rails-confirm (1.0.0)
    tzinfo (0.3.41)
    uglifier (1.3.0)
      execjs (>= 0.3.0)
      multi_json (~> 1.0, >= 1.0.2)
    uniform_notifier (1.4.0)
    version (1.0.0)
    warden (1.2.3)
      rack (>= 1.0)
    whenever (0.8.4)
      activesupport (>= 2.3.4)
      chronic (>= 0.6.3)
    wicked_pdf (0.10.0)
      rails
    wkhtmltopdf-binary (0.9.9.1)
    xcharts_rails (0.0.1)
    zippy (0.2.1)
      rubyzip (>= 0.9.1)

PLATFORMS
  ruby

DEPENDENCIES
  awesome_print
  bootstrap-modal-rails
  bootstrap-sass (~> 2.3.1.0)
  bootstrap-wysihtml5-rails
  bullet
  cancan
  capistrano
  carrierwave
  client_side_validations
  client_side_validations-simple_form
  coffee-rails (~> 3.2.1)
  compass-rails
  countries
  country_select
  d3_rails
  devise (~> 3.2.2)
  font-awesome-sass-rails
  forecast_io
  garb!
  geocoder
  gravtastic
  has_scope
  holder_rails
  jquery-cookie-rails
  jquery-fileupload-rails
  jquery-rails
  jquery-ui-sass-rails
  kaminari (~> 0.15.1)
  modernizr-rails
  mysql2
  newrelic_rpm
  nokogiri
  omniauth-google-oauth2
  public_activity
  quiet_assets
  rabl
  rails (= 3.2.19)
  rails-timeago (~> 2.0)
  rmagick
  sass-rails (~> 3.2.3)
  select2-rails
  simple_captcha!
  simple_form (>= 2.0.4)
  sqlite3
  thin
  timezone
  twitter-bootstrap-rails-confirm
  uglifier (>= 1.0.3)
  whenever
  wicked_pdf (~> 0.10.0)
  wkhtmltopdf-binary
  xcharts_rails
  zippy
